GEM
  remote: https://rubygems.org/
  specs:
    mina (0.3.7)
      open4 (~> 1.3.4)
      rake
    mina-rsync (1.1.0)
      mina (>= 0.3.0, < 2)
    open4 (1.3.4)
    rake (10.4.2)

PLATFORMS
  ruby

DEPENDENCIES
  mina
  mina-rsync

BUNDLED WITH
   1.10.6
